GEM
  remote: https://rubygems.org/
  specs:
    coderay (1.1.3)
    date (3.0.1)
    json (2.3.1)
    method_source (1.0.0)
    open-uri (0.1.0)
    pry (0.13.1)
      coderay (~> 1.1)
      method_source (~> 1.0)
    rake (12.3.3)

PLATFORMS
  ruby

DEPENDENCIES
  date (~> 3.0, >= 3.0.1)
  json (~> 2.3, >= 2.3.1)
  open-uri (~> 0.1.0)
  pry (~> 0.13.1)
  rake (~> 12.0)

BUNDLED WITH
   2.1.4
